PATH
  remote: .
  specs:
    snapshotify (0.1.0)
      awesome_print
      colorize
      commander
      httparty
      oga

GEM
  remote: https://rubygems.org/
  specs:
    ansi (1.5.0)
    ast (2.3.0)
    awesome_print (1.8.0)
    colorize (0.8.1)
    commander (4.4.3)
      highline (~> 1.7.2)
    highline (1.7.8)
    httparty (0.21.0)
      mini_mime (>= 1.0.0)
      multi_xml (>= 0.5.2)
    mini_mime (1.1.2)
    multi_xml (0.6.0)
    oga (2.11)
      ast
      ruby-ll (~> 2.1)
    rake (12.1.0)
    ruby-ll (2.1.2)
      ansi
      ast

PLATFORMS
  ruby

DEPENDENCIES
  rake
  snapshotify!

BUNDLED WITH
   1.16.0.pre.3
